GEM
  remote: https://rubygems.org/
  specs:
    concurrent-ruby (1.3.5)
    semantic_logger (4.16.1)
      concurrent-ruby (~> 1.0)
    webrick (1.8.2)

PLATFORMS
  aarch64-linux
  ruby
  x86_64-linux

DEPENDENCIES
  semantic_logger (~> 4.16.1)
  webrick (~> 1.7)

BUNDLED WITH
   2.5.3
